GEM
  remote: https://rubygems.org/
  specs:
    addressable (2.3.8)
    bson (4.2.0)
    buftok (0.2.0)
    daemons (1.2.2)
    domain_name (0.5.20180417)
      unf (>= 0.0.5, < 1.0.0)
    dotenv (2.1.1)
    equalizer (0.0.11)
    eventmachine (1.0.7)
    faraday (0.9.1)
      multipart-post (>= 1.2, < 3)
    http (0.6.4)
      http_parser.rb (~> 0.6.0)
    http-cookie (1.0.3)
      domain_name (~> 0.5)
    http_parser.rb (0.6.0)
    json (1.8.2)
    mail (2.7.1)
      mini_mime (>= 0.1.1)
    memoizable (0.4.2)
      thread_safe (~> 0.3, >= 0.3.1)
    mime-types (3.2.2)
      mime-types-data (~> 3.2015)
    mime-types-data (3.2019.0331)
    mini_mime (1.0.1)
    mini_portile2 (2.4.0)
    mongo (2.4.0)
      bson (~> 4.2.0)
    multipart-post (2.0.0)
    naught (1.0.0)
    netrc (0.11.0)
    newrelic_rpm (3.8.1.221)
    nokogiri (1.10.3)
      mini_portile2 (~> 2.4.0)
    oauth (0.4.7)
    postmark (1.2.1)
      json
      rake
    rack (1.6.13)
    rack-protection (1.5.3)
      rack
    rake (10.4.2)
    rest-client (2.0.2)
      http-cookie (>= 1.0.2, < 2.0)
      mime-types (>= 1.16, < 4.0)
      netrc (~> 0.8)
    simple_oauth (0.3.1)
    sinatra (1.4.3)
      rack (~> 1.4)
      rack-protection (~> 1.4)
      tilt (~> 1.3, >= 1.3.4)
    thin (1.6.3)
      daemons (~> 1.0, >= 1.0.9)
      eventmachine (~> 1.0)
      rack (~> 1.0)
    thread_safe (0.3.5)
    tilt (1.4.1)
    twitter (5.14.0)
      addressable (~> 2.3)
      buftok (~> 0.2.0)
      equalizer (~> 0.0.9)
      faraday (~> 0.9.0)
      http (~> 0.6.0)
      http_parser.rb (~> 0.6.0)
      json (~> 1.8)
      memoizable (~> 0.4.0)
      naught (~> 1.0)
      simple_oauth (~> 0.3.0)
    tz (0.0.1)
      tzinfo
    tzinfo (1.2.2)
      thread_safe (~> 0.1)
    unf (0.1.4)
      unf_ext
    unf_ext (0.0.7.6)

PLATFORMS
  ruby

DEPENDENCIES
  dotenv (~> 2.1, >= 2.1.1)
  mail (>= 2.5.5)
  mongo (~> 2.4.0)
  newrelic_rpm (~> 3.8.1.221)
  nokogiri (>= 1.8.5)
  oauth (~> 0.4.7)
  postmark (~> 1.2.0)
  rack (>= 1.6.11)
  rest-client (>= 1.7.3)
  sinatra (= 1.4.3)
  thin (~> 1.6.2)
  twitter (~> 5.14.0)
  tz (~> 0.0.1)

RUBY VERSION
   ruby 2.3.0p0

BUNDLED WITH
   1.17.3
