GEM
  remote: https://rubygems.org/
  specs:
    addressable (2.3.8)
    bson (3.0.3)
    buftok (0.2.0)
    daemons (1.2.2)
    equalizer (0.0.11)
    eventmachine (1.0.7)
    faraday (0.9.1)
      multipart-post (>= 1.2, < 3)
    http (0.6.4)
      http_parser.rb (~> 0.6.0)
    http_parser.rb (0.6.0)
    json (1.8.2)
    mail (2.5.4)
      mime-types (~> 1.16)
      treetop (~> 1.4.8)
    memoizable (0.4.2)
      thread_safe (~> 0.3, >= 0.3.1)
    mime-types (1.25.1)
    mini_portile (0.6.2)
    mongo (2.0.4)
      bson (~> 3.0)
    multipart-post (2.0.0)
    naught (1.0.0)
    newrelic_rpm (3.8.1.221)
    nokogiri (1.6.6.2)
      mini_portile (~> 0.6.0)
    oauth (0.4.7)
    polyglot (0.3.5)
    postmark (1.2.1)
      json
      rake
    rack (1.5.3)
    rack-protection (1.5.3)
      rack
    rake (10.4.2)
    rdoc (4.2.0)
      json (~> 1.4)
    rest-client (1.6.8)
      mime-types (~> 1.16)
      rdoc (>= 2.4.2)
    simple_oauth (0.3.1)
    sinatra (1.4.3)
      rack (~> 1.4)
      rack-protection (~> 1.4)
      tilt (~> 1.3, >= 1.3.4)
    thin (1.6.3)
      daemons (~> 1.0, >= 1.0.9)
      eventmachine (~> 1.0)
      rack (~> 1.0)
    thread_safe (0.3.5)
    tilt (1.4.1)
    treetop (1.4.15)
      polyglot
      polyglot (>= 0.3.1)
    twitter (5.14.0)
      addressable (~> 2.3)
      buftok (~> 0.2.0)
      equalizer (~> 0.0.9)
      faraday (~> 0.9.0)
      http (~> 0.6.0)
      http_parser.rb (~> 0.6.0)
      json (~> 1.8)
      memoizable (~> 0.4.0)
      naught (~> 1.0)
      simple_oauth (~> 0.3.0)

PLATFORMS
  ruby

DEPENDENCIES
  mail (~> 2.5.4)
  mongo (~> 2.0.4)
  newrelic_rpm (~> 3.8.1.221)
  nokogiri (~> 1.6.1)
  oauth (~> 0.4.7)
  postmark (~> 1.2.0)
  rack (~> 1.5.2)
  rest-client (~> 1.6.7)
  sinatra (= 1.4.3)
  thin (~> 1.6.2)
  twitter (~> 5.14.0)
